GEM
  remote: http://rubygems.org/
  specs:
    httparty (0.21.0)
      mini_mime (>= 1.0.0)
      multi_xml (>= 0.5.2)
    mini_mime (1.1.2)
    mini_portile2 (2.4.0)
    multi_xml (0.6.0)
    nokogiri (1.10.9)
      mini_portile2 (~> 2.4.0)
    nokogiri (1.10.9-x64-mingw32)
      mini_portile2 (~> 2.4.0)

PLATFORMS
  x64-mingw32
  x86_64-linux

DEPENDENCIES
  httparty
  nokogiri

RUBY VERSION
   ruby 2.4.9p362

BUNDLED WITH
   2.1.4
